GIT
  remote: git://github.com/Dwolla/dwolla-ruby.git
  revision: c1e783892559c5ec20b8dd84f046fc8c3965087b
  specs:
    dwolla-ruby (2.0.0)
      multi_json (>= 1.0.4, < 2)
      rest-client (~> 1.4)

GIT
  remote: git://github.com/maxdemarzi/neography.git
  revision: b4527481aa8e2b503e034891682671c39a520141
  specs:
    neography (1.0.9)
      httpclient (>= 2.3.3)
      json (>= 1.6.0)
      multi_json (>= 1.3.2)
      os (>= 0.9.6)
      rake (>= 0.8.7)
      rubyzip (>= 0.9.7)

GEM
  remote: https://rubygems.org/
  specs:
    addressable (2.3.3)
    awesome_print (1.1.0)
    bcrypt-ruby (3.0.1)
    dm-core (1.0.2)
      addressable (~> 2.2)
      extlib (~> 0.9.15)
    dm-migrations (1.0.2)
      dm-core (~> 1.0.2)
    dm-timestamps (1.0.2)
      dm-core (~> 1.0.2)
    dm-validations (1.0.2)
      dm-core (~> 1.0.2)
    extlib (0.9.16)
    geokit (1.6.5)
      multi_json
    httparty (0.10.2)
      multi_json (~> 1.0)
      multi_xml (>= 0.5.2)
    httpclient (2.3.3)
    json (1.7.7)
    mime-types (1.23)
    multi_json (1.7.2)
    multi_xml (0.5.3)
    nokogiri (1.5.9)
    os (0.9.6)
    rack (1.5.2)
    rack-flash (0.1.2)
      rack
    rack-protection (1.5.0)
      rack
    rake (10.0.4)
    rest-client (1.6.7)
      mime-types (>= 1.16)
    ruby-ole (1.2.11.6)
    rubyzip (0.9.9)
    rufus-tokyo (1.0.7)
    shotgun (0.9)
      rack (>= 1.0)
    sinatra (1.4.2)
      rack (~> 1.5, >= 1.5.2)
      rack-protection (~> 1.4)
      tilt (~> 1.3, >= 1.3.4)
    sinatra-authentication (0.4.1)
      dm-core
      dm-migrations
      dm-timestamps
      dm-validations
      rack-flash
      rufus-tokyo
      sinatra
      sinbook
    sinbook (0.1.9)
      yajl-ruby
    spreadsheet (0.8.3)
      ruby-ole (>= 1.0)
    test-unit (2.5.4)
    tilt (1.3.6)
    yajl-ruby (1.1.0)

PLATFORMS
  ruby

DEPENDENCIES
  awesome_print
  bcrypt-ruby
  dwolla-ruby!
  geokit
  httparty
  json
  neography!
  nokogiri
  os
  rake
  shotgun
  sinatra
  sinatra-authentication
  spreadsheet
  test-unit
