GEM
  remote: https://rubygems.org/
  specs:
    addressable (2.3.3)
    awesome_print (1.1.0)

    dwolla (0.0.14)
      faraday (>= 0.7.6)
      multi_json (~> 1.0)

    bcrypt-ruby (3.0.1)

    faraday (0.7.6)
      addressable (~> 2.2)
      multipart-post (~> 1.1)
      rack (~> 1.1)
    geokit (1.6.5)
      multi_json
    hashie (1.2.0)
    httparty (0.10.2)
      multi_json (~> 1.0)
      multi_xml (>= 0.5.2)
    httpauth (0.2.0)
    httpclient (2.3.3)
    json (1.7.7)
    multi_json (1.7.2)
    multi_xml (0.5.3)
    multipart-post (1.2.0)
    neography (1.0.9)
      httpclient (>= 2.3.3)
      json (>= 1.6.0)
      multi_json (>= 1.3.2)
      os (>= 0.9.6)
      rubyzip (>= 0.9.7)
    nokogiri (1.5.9)
    oauth (0.4.7)
    oauth2 (0.6.1)
      faraday (~> 0.7)
      httpauth (~> 0.1)
      multi_json (~> 1.3)
    omniauth (1.1.3)
      hashie (~> 1.2)
      rack
    omniauth-dwolla (0.0.13)
      dwolla (>= 0.0.13)
      omniauth (~> 1.0)
      omniauth-oauth2 (~> 1.0)
    omniauth-facebook (1.4.0)
      omniauth-oauth2 (~> 1.0.2)
    omniauth-oauth (1.0.1)
      oauth
      omniauth (~> 1.0)
    omniauth-oauth2 (1.0.2)
      oauth2 (~> 0.6.0)
      omniauth (~> 1.0)
    omniauth-openid (1.0.1)
      omniauth (~> 1.0)
      rack-openid (~> 1.3.1)
    omniauth-twitter (0.0.15)
      multi_json (~> 1.3)
      omniauth-oauth (~> 1.0)
    os (0.9.6)
    rack (1.5.2)
    rack-openid (1.3.1)
      rack (>= 1.1.0)
      ruby-openid (>= 2.1.8)
    rack-protection (1.5.0)
      rack
    rake (10.0.4)
    ruby-ole (1.2.11.6)
    ruby-openid (2.2.3)
    rubyzip (0.9.9)
    shotgun (0.9)
      rack (>= 1.0)
    sinatra (1.4.2)
      rack (~> 1.5, >= 1.5.2)
      rack-protection (~> 1.4)
      tilt (~> 1.3, >= 1.3.4)
    spreadsheet (0.8.3)
      ruby-ole (>= 1.0)
    test-unit (2.5.4)
    tilt (1.3.6)

PLATFORMS
  ruby

DEPENDENCIES
  awesome_print
<<<<<<< HEAD
=======
  bcrypt-ruby
>>>>>>> 5e7878ecce46db623efd76fa79962c92c54c7b8b
  dwolla-ruby
  geokit
  httparty
  json
  neography
  nokogiri
  omniauth
  omniauth-dwolla
  omniauth-facebook
  omniauth-openid
  omniauth-twitter
  os
  rake
  shotgun
  sinatra
  spreadsheet
  test-unit
