GIT
  remote: git://github.com/Dwolla/dwolla-ruby.git
  revision: 8d46716ad98091c124d1c5b93468fa2074f1c4d4
  specs:
    dwolla-ruby (2.1.0)
      addressable (>= 2)
      multi_json (>= 1.0.4, < 2)
      rest-client (~> 1.4)

GEM
  remote: https://rubygems.org/
  specs:
    addressable (2.3.4)
    awesome_print (1.1.0)
    geokit (1.6.5)
      multi_json
    httparty (0.11.0)
      multi_json (~> 1.0)
      multi_xml (>= 0.5.2)
    json (1.8.0)
    json (1.8.0-java)
    mime-types (1.23)
    multi_json (1.7.3)
    multi_xml (0.5.3)
    nokogiri (1.5.9-java)
    os (0.9.6)
    rack (1.5.2)
    rack-protection (1.5.0)
      rack
    rake (10.0.4)
    rest-client (1.6.7)
      mime-types (>= 1.16)
    ruby-ole (1.2.11.6)
    sinatra (1.4.2)
      rack (~> 1.5, >= 1.5.2)
      rack-protection (~> 1.4)
      tilt (~> 1.3, >= 1.3.4)
    spreadsheet (0.8.5)
      ruby-ole (>= 1.0)
    test-unit (2.5.4)
    tilt (1.4.1)

PLATFORMS
  java

DEPENDENCIES
  awesome_print
  dwolla-ruby!
  geokit
  httparty
  json
  nokogiri
  os
  rake
  sinatra
  spreadsheet
  test-unit
