GEM
  remote: https://rubygems.org/
  specs:
    addressable (2.3.3)
    awesome_print (1.1.0)
    bcrypt-ruby (3.0.1)
    dwolla-ruby (1.1.0)
      faraday (= 0.7.6)
      multi_json (~> 1.3)
    faraday (0.7.6)
      addressable (~> 2.2)
      multipart-post (~> 1.1)
      rack (~> 1.1)
    geokit (1.6.5)
      multi_json
    httparty (0.10.2)
      multi_json (~> 1.0)
      multi_xml (>= 0.5.2)
    httpclient (2.3.3)
    json (1.7.7)
    multi_json (1.7.2)
    multi_xml (0.5.3)
    multipart-post (1.2.0)
    neography (1.0.9)
      httpclient (>= 2.3.3)
      json (>= 1.6.0)
      multi_json (>= 1.3.2)
      os (>= 0.9.6)
      rubyzip (>= 0.9.7)
    nokogiri (1.5.9)
    os (0.9.6)
    rack (1.5.2)
    rack-protection (1.5.0)
      rack
    rake (10.0.4)
    ruby-ole (1.2.11.6)
    rubyzip (0.9.9)
    shotgun (0.9)
      rack (>= 1.0)
    sinatra (1.4.2)
      rack (~> 1.5, >= 1.5.2)
      rack-protection (~> 1.4)
      tilt (~> 1.3, >= 1.3.4)
    spreadsheet (0.8.3)
      ruby-ole (>= 1.0)
    test-unit (2.5.4)
    tilt (1.3.6)

PLATFORMS
  ruby

DEPENDENCIES
  awesome_print
  bcrypt-ruby
  dwolla-ruby
  geokit
  httparty
  json
  neography
  nokogiri
  os
  rake
  shotgun
  sinatra
  spreadsheet
  test-unit
